GEM
  remote: http://rubygems.org/
  specs:
    awesome_print (1.6.1)
    blanket_wrapper (3.0.2)
      httparty
      recursive-open-struct
    httparty (0.13.7)
      json (~> 1.8)
      multi_xml (>= 0.5.2)
    json (1.8.3)
    multi_xml (0.5.5)
    recursive-open-struct (1.0.1)

PLATFORMS
  ruby

DEPENDENCIES
  awesome_print
  blanket_wrapper

BUNDLED WITH
   1.12.3
